PATH
  remote: .
  specs:
    task_sentiment (0.0.1)
      ruby-openai (~> 1.3.1)

GEM
  remote: https://rubygems.org/
  specs:
    diff-lcs (1.4.4)
    dotenv (2.7.6)
    httparty (0.18.1)
      mime-types (~> 3.0)
      multi_xml (>= 0.5.2)
    mime-types (3.3.1)
      mime-types-data (~> 3.2015)
    mime-types-data (3.2021.0901)
    multi_xml (0.6.0)
    rake (13.0.6)
    rspec (3.10.0)
      rspec-core (~> 3.10.0)
      rspec-expectations (~> 3.10.0)
      rspec-mocks (~> 3.10.0)
    rspec-core (3.10.1)
      rspec-support (~> 3.10.0)
    rspec-expectations (3.10.1)
      diff-lcs (>= 1.2.0, < 2.0)
      rspec-support (~> 3.10.0)
    rspec-mocks (3.10.2)
      diff-lcs (>= 1.2.0, < 2.0)
      rspec-support (~> 3.10.0)
    rspec-support (3.10.2)
    ruby-openai (1.3.1)
      dotenv (~> 2.7.6)
      httparty (~> 0.18.1)

PLATFORMS
  x86_64-darwin-19

DEPENDENCIES
  rake (> 10.0.0)
  rspec (~> 3.10.0)
  task_sentiment!

BUNDLED WITH
   2.2.4
